PATH
  remote: .
  specs:
    haml2erb (0.2.1)
      mixology

GEM
  remote: http://rubygems.org/
  specs:
    diff-lcs (1.1.3)
    mixology (0.2.0)
    rake (0.9.2.2)
    rspec (2.8.0)
      rspec-core (~> 2.8.0)
      rspec-expectations (~> 2.8.0)
      rspec-mocks (~> 2.8.0)
    rspec-core (2.8.0)
    rspec-expectations (2.8.0)
      diff-lcs (~> 1.1.2)
    rspec-mocks (2.8.0)

PLATFORMS
  ruby

DEPENDENCIES
  haml2erb!
  rake
  rspec
